GIT
  remote: git://github.com/puppetlabs/showoff.git
  revision: 200f1b4053e413adc2a2de4066718028da010dd2
  specs:
    showoff (0.7.PL)
      gli (>= 1.3.2)
      json
      nokogiri
      parslet
      redcarpet
      sinatra (~> 1.3)

GEM
  remote: http://rubygems.org/
  specs:
    blankslate (2.1.2.4)
    gli (2.5.0)
    json (1.7.5)
    nokogiri (1.5.5)
    parslet (1.4.0)
      blankslate (~> 2.0)
    rack (1.4.1)
    rack-protection (1.2.0)
      rack
    redcarpet (2.2.2)
    sinatra (1.3.3)
      rack (~> 1.3, >= 1.3.6)
      rack-protection (~> 1.2)
      tilt (~> 1.3, >= 1.3.3)
    tilt (1.3.3)

PLATFORMS
  ruby

DEPENDENCIES
  showoff!
